GEM
  remote: https://rubygems.org/
  specs:
    activesupport (7.1.0)
      base64
      bigdecimal
      concurrent-ruby (~> 1.0, >= 1.0.2)
      connection_pool (>= 2.2.5)
      drb
      i18n (>= 1.6, < 2)
      minitest (>= 5.1)
      mutex_m
      tzinfo (~> 2.0)
    base64 (0.1.1)
    bigdecimal (3.1.4)
    cgi (0.3.6)
    concurrent-ruby (1.2.2)
    connection_pool (2.4.1)
    csv (3.2.7)
    date (3.3.3)
    drb (2.1.1)
      ruby2_keywords
    i18n (1.14.1)
      concurrent-ruby (~> 1.0)
    minitest (5.20.0)
    mutex_m (0.1.2)
    nokogiri (1.18.9-x86_64-linux-gnu)
      racc (~> 1.4)
    open-uri (0.3.0)
      stringio
      time
      uri
    racc (1.8.1)
    rake (13.0.6)
    ruby2_keywords (0.0.5)
    stringio (3.0.8)
    time (0.2.2)
      date
    tzinfo (2.0.6)
      concurrent-ruby (~> 1.0)
    uri (0.12.2)

PLATFORMS
  x86_64-linux

DEPENDENCIES
  activesupport
  cgi
  csv
  nokogiri
  open-uri
  rake

RUBY VERSION
   ruby 3.1.2p20

BUNDLED WITH
   2.4.20
